GEM
  remote: http://rubygems.org/
  specs:
    kindlerb (1.2.0)
      mustache
      nokogiri
    mini_portile2 (2.3.0)
    mustache (1.0.5)
    nokogiri (1.8.1)
      mini_portile2 (~> 2.3.0)

PLATFORMS
  ruby

DEPENDENCIES
  kindlerb
  nokogiri

BUNDLED WITH
   1.14.6
