GEM
  remote: http://rubygems.org/
  specs:
    kindlerb (1.2.0)
      mustache
      nokogiri
    mini_portile2 (2.8.0)
    mustache (1.1.1)
    nokogiri (1.13.3)
      mini_portile2 (~> 2.8.0)
      racc (~> 1.4)
    racc (1.6.0)

PLATFORMS
  ruby

DEPENDENCIES
  kindlerb
  nokogiri

BUNDLED WITH
   1.14.6
